GIT
  remote: git://github.com/shanti-uva/flare.git
  revision: 919c96812c77b90ee0613f4f7865d1ecd18b4ff7
  tag: v1.1.9
  specs:
    flare (1.1.9)
      faraday (~> 0.11.0)
      rails (>= 4.0)
      rsolr (~> 2.0.0.pre3)

GIT
  remote: git://github.com/shanti-uva/kmaps_engine.git
  revision: 02a8b4a337d552499d3f0d32a48d9943cc6ca7ca
  tag: v5.0.2
  specs:
    kmaps_engine (5.0.2)
      annotate
      coffee-rails (~> 4.2)
      exception_notification
      hpricot
      jbuilder (~> 2.5)
      memcache-client
      pg (~> 0.18)
      puma (~> 3.7)
      rails (>= 4.0)
      turbolinks (~> 5)
      uglifier (>= 1.3.0)
      will_paginate

GIT
  remote: git://github.com/shanti-uva/resource_controller.git
  revision: 54800be42767e071f075257ef2e3bb1bf465f216
  tag: v0.9.2
  specs:
    resource_controller (0.9.2)

GIT
  remote: git://github.com/thl/acts_as_family_tree.git
  revision: 93231fd487fafe35936fe62f2109067fedd8605d
  tag: v1.1.9
  specs:
    acts_as_family_tree (1.1.9)
      rails (>= 4.0)

GIT
  remote: git://github.com/thl/authenticated_system.git
  revision: a2cf08808e67a71c8d53c6fc5ceca837936a620b
  tag: v2.3.8
  specs:
    authenticated_system (2.3.8)
      rails (>= 4.0)

GIT
  remote: git://github.com/thl/complex_dates.git
  revision: 8f7470089417776ea9820028ecde07dcb40b6c91
  tag: v2.2.6
  specs:
    complex_dates (2.2.6)
      rails (>= 4.0)

GIT
  remote: git://github.com/thl/interface_utils.git
  revision: 06b4455010929390d642993d6829416150df7301
  tag: v2.3.7
  specs:
    interface_utils (2.3.7)
      rails (>= 4.0)

PATH
  remote: .
  specs:
    places_engine (5.0.6)
      activerecord-postgis-adapter
      rails (>= 4.0)

GEM
  remote: http://rubygems.org/
  specs:
    actioncable (5.2.4.1)
      actionpack (= 5.2.4.1)
      nio4r (~> 2.0)
      websocket-driver (>= 0.6.1)
    actionmailer (5.2.4.1)
      actionpack (= 5.2.4.1)
      actionview (= 5.2.4.1)
      activejob (= 5.2.4.1)
      mail (~> 2.5, >= 2.5.4)
      rails-dom-testing (~> 2.0)
    actionpack (5.2.4.1)
      actionview (= 5.2.4.1)
      activesupport (= 5.2.4.1)
      rack (~> 2.0, >= 2.0.8)
      rack-test (>= 0.6.3)
      rails-dom-testing (~> 2.0)
      rails-html-sanitizer (~> 1.0, >= 1.0.2)
    actionpack-action_caching (1.2.0)
      actionpack (>= 4.0.0, < 6)
    actionpack-page_caching (1.1.0)
      actionpack (>= 4.0.0, < 6)
    actionview (5.2.4.1)
      activesupport (= 5.2.4.1)
      builder (~> 3.1)
      erubi (~> 1.4)
      rails-dom-testing (~> 2.0)
      rails-html-sanitizer (~> 1.0, >= 1.0.3)
    activejob (5.2.4.1)
      activesupport (= 5.2.4.1)
      globalid (>= 0.3.6)
    activemodel (5.2.4.1)
      activesupport (= 5.2.4.1)
    activemodel-serializers-xml (1.0.2)
      activemodel (> 5.x)
      activesupport (> 5.x)
      builder (~> 3.1)
    activerecord (5.2.4.1)
      activemodel (= 5.2.4.1)
      activesupport (= 5.2.4.1)
      arel (>= 9.0)
    activerecord-postgis-adapter (5.2.2)
      activerecord (~> 5.1)
      rgeo-activerecord (~> 6.0)
    activeresource (5.0.0)
      activemodel (>= 5.0, < 6)
      activemodel-serializers-xml (~> 1.0)
      activesupport (>= 5.0, < 6)
    activestorage (5.2.4.1)
      actionpack (= 5.2.4.1)
      activerecord (= 5.2.4.1)
      marcel (~> 0.3.1)
    activesupport (5.2.4.1)
      concurrent-ruby (~> 1.0, >= 1.0.2)
      i18n (>= 0.7, < 2)
      minitest (~> 5.1)
      tzinfo (~> 1.1)
    annotate (2.7.2)
      activerecord (>= 3.2, < 6.0)
      rake (>= 10.4, < 13.0)
    arel (9.0.0)
    builder (3.2.4)
    coffee-rails (4.2.2)
      coffee-script (>= 2.2.0)
      railties (>= 4.0.0)
    coffee-script (2.4.1)
      coffee-script-source
      execjs
    coffee-script-source (1.12.2)
    concurrent-ruby (1.1.5)
    crass (1.0.6)
    erubi (1.9.0)
    exception_notification (4.2.2)
      actionmailer (>= 4.0, < 6)
      activesupport (>= 4.0, < 6)
    execjs (2.7.0)
    faraday (0.11.0)
      multipart-post (>= 1.2, < 3)
    globalid (0.4.2)
      activesupport (>= 4.2.0)
    hpricot (0.8.6)
    i18n (1.8.2)
      concurrent-ruby (~> 1.0)
    jbuilder (2.7.0)
      activesupport (>= 4.2.0)
      multi_json (>= 1.2)
    loofah (2.4.0)
      crass (~> 1.0.2)
      nokogiri (>= 1.5.9)
    mail (2.7.1)
      mini_mime (>= 0.1.1)
    marcel (0.3.3)
      mimemagic (~> 0.3.2)
    memcache-client (1.8.5)
    method_source (0.9.2)
    mimemagic (0.3.3)
    mini_mime (1.0.2)
    mini_portile2 (2.4.0)
    minitest (5.14.0)
    multi_json (1.13.1)
    multipart-post (2.0.0)
    nio4r (2.5.2)
    nokogiri (1.10.7)
      mini_portile2 (~> 2.4.0)
    pg (0.21.0)
    puma (3.11.2)
    rack (2.1.1)
    rack-test (1.1.0)
      rack (>= 1.0, < 3)
    rails (5.2.4.1)
      actioncable (= 5.2.4.1)
      actionmailer (= 5.2.4.1)
      actionpack (= 5.2.4.1)
      actionview (= 5.2.4.1)
      activejob (= 5.2.4.1)
      activemodel (= 5.2.4.1)
      activerecord (= 5.2.4.1)
      activestorage (= 5.2.4.1)
      activesupport (= 5.2.4.1)
      bundler (>= 1.3.0)
      railties (= 5.2.4.1)
      sprockets-rails (>= 2.0.0)
    rails-dom-testing (2.0.3)
      activesupport (>= 4.2.0)
      nokogiri (>= 1.6)
    rails-html-sanitizer (1.3.0)
      loofah (~> 2.3)
    rails-observers (0.1.5)
      activemodel (>= 4.0)
    railties (5.2.4.1)
      actionpack (= 5.2.4.1)
      activesupport (= 5.2.4.1)
      method_source
      rake (>= 0.8.7)
      thor (>= 0.19.0, < 2.0)
    rake (12.3.3)
    rgeo (2.0.0)
    rgeo-activerecord (6.1.0)
      activerecord (~> 5.0)
      rgeo (>= 1.0.0)
    rsolr (2.0.2)
      builder (>= 2.1.2)
      faraday
    sprockets (4.0.0)
      concurrent-ruby (~> 1.0)
      rack (> 1, < 3)
    sprockets-rails (3.2.1)
      actionpack (>= 4.0)
      activesupport (>= 4.0)
      sprockets (>= 3.0.0)
    thor (1.0.1)
    thread_safe (0.3.6)
    turbolinks (5.1.0)
      turbolinks-source (~> 5.1)
    turbolinks-source (5.1.0)
    tzinfo (1.2.6)
      thread_safe (~> 0.1)
    uglifier (4.1.6)
      execjs (>= 0.3.0, < 3)
    websocket-driver (0.7.1)
      websocket-extensions (>= 0.1.0)
    websocket-extensions (0.1.4)
    will_paginate (3.1.6)

PLATFORMS
  ruby

DEPENDENCIES
  actionpack-action_caching
  actionpack-page_caching
  activeresource
  acts_as_family_tree (= 1.1.9)!
  authenticated_system (= 2.3.8)!
  complex_dates (= 2.2.6)!
  flare (= 1.1.9)!
  interface_utils (= 2.3.7)!
  kmaps_engine (= 5.0.2)!
  places_engine!
  rails-observers
  resource_controller (= 0.9.2)!

BUNDLED WITH
   1.16.0
